PATH
  remote: .
  specs:
    unobtainium (0.12.0)
      collapsium (~> 0.9)
      collapsium-config (~> 0.6)
      ptools (~> 1.3)
      sys-proctable (~> 1.1)

GEM
  remote: https://rubygems.org/
  specs:
    appium_lib (9.6.1)
      awesome_print (~> 1.8)
      json (>= 1.8)
      nokogiri (~> 1.6, >= 1.6.6)
      selenium-webdriver (~> 3.4, >= 3.4.1)
      tomlrb (~> 1.1)
    archive-zip (0.7.0)
      io-like (~> 0.3.0)
    ast (2.3.0)
    awesome_print (1.8.0)
    builder (3.2.3)
    childprocess (0.7.1)
      ffi (~> 1.0, >= 1.0.11)
    chromedriver-helper (1.1.0)
      archive-zip (~> 0.7.0)
      nokogiri (~> 1.6)
    codeclimate-test-reporter (1.0.8)
      simplecov (<= 0.13)
    collapsium (0.9.1)
    collapsium-config (0.6.0)
      collapsium (~> 0.9)
    cucumber (2.4.0)
      builder (>= 2.1.2)
      cucumber-core (~> 1.5.0)
      cucumber-wire (~> 0.0.1)
      diff-lcs (>= 1.1.3)
      gherkin (~> 4.0)
      multi_json (>= 1.7.5, < 2.0)
      multi_test (>= 0.1.2)
    cucumber-core (1.5.0)
      gherkin (~> 4.0)
    cucumber-wire (0.0.1)
    diff-lcs (1.3)
    docile (1.1.5)
    ffi (1.9.18)
    gherkin (4.1.3)
    io-like (0.3.0)
    json (2.1.0)
    mini_portile2 (2.2.0)
    multi_json (1.12.1)
    multi_test (0.1.2)
    nokogiri (1.8.0)
      mini_portile2 (~> 2.2.0)
    parallel (1.12.0)
    parser (2.4.0.0)
      ast (~> 2.2)
    phantomjs (2.1.1.0)
    powerpack (0.1.1)
    ptools (1.3.5)
    rainbow (2.2.2)
      rake
    rake (11.3.0)
    rspec (3.6.0)
      rspec-core (~> 3.6.0)
      rspec-expectations (~> 3.6.0)
      rspec-mocks (~> 3.6.0)
    rspec-core (3.6.0)
      rspec-support (~> 3.6.0)
    rspec-expectations (3.6.0)
      diff-lcs (>= 1.2.0, < 2.0)
      rspec-support (~> 3.6.0)
    rspec-mocks (3.6.0)
      diff-lcs (>= 1.2.0, < 2.0)
      rspec-support (~> 3.6.0)
    rspec-support (3.6.0)
    rubocop (0.49.1)
      parallel (~> 1.10)
      parser (>= 2.3.3.1, < 3.0)
      powerpack (~> 0.1)
      rainbow (>= 1.99.1, < 3.0)
      ruby-progressbar (~> 1.7)
      unicode-display_width (~> 1.0, >= 1.0.1)
    ruby-progressbar (1.8.1)
    rubyzip (1.2.1)
    selenium-webdriver (3.5.1)
      childprocess (~> 0.5)
      rubyzip (~> 1.0)
    simplecov (0.13.0)
      docile (~> 1.1.0)
      json (>= 1.8, < 3)
      simplecov-html (~> 0.10.0)
    simplecov-html (0.10.2)
    sys-proctable (1.1.5-universal-aix5)
    tomlrb (1.2.4)
    unicode-display_width (1.3.0)
    yard (0.9.9)

PLATFORMS
  ruby

DEPENDENCIES
  appium_lib (>= 9.1)
  bundler (~> 1.15)
  chromedriver-helper
  codeclimate-test-reporter
  cucumber
  phantomjs
  rake (~> 11.3)
  rspec (~> 3.6)
  rubocop (~> 0.49)
  selenium-webdriver
  simplecov (~> 0.13)
  unobtainium!
  yard (~> 0.9)

BUNDLED WITH
   1.15.4
